GIT
  remote: https://github.com/opal/opal-browser
  revision: eccf0771dd91eb90a1dafed73aa46a70336b0945
  specs:
    opal-browser (0.2.0)
      opal (>= 1.0, < 2.0)
      paggio

GEM
  remote: https://rubygems.org/
  specs:
    ast (2.4.0)
    concurrent-ruby (1.1.5)
    diff-lcs (1.3)
    mustermann (1.0.3)
    opal (1.0.0)
      ast (>= 2.3.0)
      parser (= 2.5.3.0)
    opal-sprockets (0.4.8.1.0.3.7)
      opal (~> 1.0.0)
      sprockets (~> 3.7)
      tilt (>= 1.4)
    paggio (0.2.6)
    parser (2.5.3.0)
      ast (~> 2.4.0)
    rack (2.2.2)
    rack-protection (2.0.7)
      rack
    rack-test (1.1.0)
      rack (>= 1.0, < 3)
    rspec (3.9.0)
      rspec-core (~> 3.9.0)
      rspec-expectations (~> 3.9.0)
      rspec-mocks (~> 3.9.0)
    rspec-core (3.9.0)
      rspec-support (~> 3.9.0)
    rspec-expectations (3.9.0)
      diff-lcs (>= 1.2.0, < 2.0)
      rspec-support (~> 3.9.0)
    rspec-mocks (3.9.0)
      diff-lcs (>= 1.2.0, < 2.0)
      rspec-support (~> 3.9.0)
    rspec-support (3.9.0)
    sinatra (2.0.7)
      mustermann (~> 1.0)
      rack (~> 2.0)
      rack-protection (= 2.0.7)
      tilt (~> 2.0)
    sprockets (3.7.2)
      concurrent-ruby (~> 1.0)
      rack (> 1, < 3)
    tilt (2.0.10)

PLATFORMS
  ruby

DEPENDENCIES
  opal!
  opal-browser!
  opal-sprockets!
  rack-test!
  rspec (~> 3.9.0)!
  sinatra (~> 2.0.7)!

BUNDLED WITH
   2.0.2
